GEM
  remote: https://rubygems.org/
  specs:
    actionmailer (4.2.0.rc2)
      actionpack (= 4.2.0.rc2)
      actionview (= 4.2.0.rc2)
      activejob (= 4.2.0.rc2)
      mail (~> 2.5, >= 2.5.4)
      rails-dom-testing (~> 1.0, >= 1.0.5)
    actionpack (4.2.0.rc2)
      actionview (= 4.2.0.rc2)
      activesupport (= 4.2.0.rc2)
      rack (~> 1.6.0.beta2)
      rack-test (~> 0.6.2)
      rails-dom-testing (~> 1.0, >= 1.0.5)
      rails-html-sanitizer (~> 1.0, >= 1.0.1)
    actionview (4.2.0.rc2)
      activesupport (= 4.2.0.rc2)
      builder (~> 3.1)
      erubis (~> 2.7.0)
      rails-dom-testing (~> 1.0, >= 1.0.5)
      rails-html-sanitizer (~> 1.0, >= 1.0.1)
    activejob (4.2.0.rc2)
      activesupport (= 4.2.0.rc2)
      globalid (>= 0.3.0)
    activemodel (4.2.0.rc2)
      activesupport (= 4.2.0.rc2)
      builder (~> 3.1)
    activerecord (4.2.0.rc2)
      activemodel (= 4.2.0.rc2)
      activesupport (= 4.2.0.rc2)
      arel (~> 6.0)
    activesupport (4.2.0.rc2)
      i18n (>= 0.7.0.beta1, < 0.8)
      json (~> 1.7, >= 1.7.7)
      minitest (~> 5.1)
      thread_safe (~> 0.1)
      tzinfo (~> 1.1)
    angularjs-rails (1.3.14)
    arel (6.0.0)
    autoprefixer-rails (5.0.0.1)
      execjs
    bcrypt (3.1.10)
    binding_of_caller (0.7.2)
      debug_inspector (>= 0.0.1)
    bootstrap-sass (3.3.3)
      autoprefixer-rails (>= 5.0.0.1)
      sass (>= 3.2.19)
    builder (3.2.2)
    cancan (1.6.10)
    climate_control (0.0.3)
      activesupport (>= 3.0)
    cocaine (0.5.7)
      climate_control (>= 0.0.3, < 1.0)
    coderay (1.1.0)
    coffee-rails (4.1.0)
      coffee-script (>= 2.2.0)
      railties (>= 4.0.0, < 5.0)
    coffee-script (2.3.0)
      coffee-script-source
      execjs
    coffee-script-source (1.8.0)
    debug_inspector (0.0.2)
    devise (3.5.1)
      bcrypt (~> 3.0)
      orm_adapter (~> 0.1)
      railties (>= 3.2.6, < 5)
      responders
      thread_safe (~> 0.1)
      warden (~> 1.2.3)
    domain_name (0.5.24)
      unf (>= 0.0.5, < 1.0.0)
    dropbox-sdk (1.6.5)
      json
    erubis (2.7.0)
    execjs (2.2.2)
    faker (1.4.3)
      i18n (~> 0.5)
    globalid (0.3.0)
      activesupport (>= 4.1.0)
    hike (1.2.3)
    http-cookie (1.0.2)
      domain_name (~> 0.5)
    httparty (0.13.5)
      json (~> 1.8)
      multi_xml (>= 0.5.2)
    i18n (0.7.0)
    jbuilder (2.2.6)
      activesupport (>= 3.0.0, < 5)
      multi_json (~> 1.2)
    jquery-rails (4.0.1)
      rails-dom-testing (~> 1.0)
      railties (>= 4.2.0.beta)
      thor (>= 0.14, < 2.0)
    json (1.8.2)
    loofah (2.0.1)
      nokogiri (>= 1.5.9)
    mail (2.6.3)
      mime-types (>= 1.16, < 3)
    method_source (0.8.2)
    mime-types (2.4.3)
    mimemagic (0.3.0)
    mini_portile (0.6.2)
    minitest (5.5.1)
    multi_json (1.10.1)
    multi_xml (0.5.5)
    netrc (0.10.3)
    nokogiri (1.6.5)
      mini_portile (~> 0.6.0)
    orm_adapter (0.5.0)
    paperclip (4.3.0)
      activemodel (>= 3.2.0)
      activesupport (>= 3.2.0)
      cocaine (~> 0.5.5)
      mime-types
      mimemagic (= 0.3.0)
    paperclip-dropbox (1.3.2)
      dropbox-sdk (~> 1.3)
      paperclip (>= 3.1, < 5)
    pg (0.18.1)
    populator (1.0.0)
    pry (0.10.1)
      coderay (~> 1.1.0)
      method_source (~> 0.8.1)
      slop (~> 3.4)
    rack (1.6.0)
    rack-test (0.6.3)
      rack (>= 1.0)
    rails (4.2.0.rc2)
      actionmailer (= 4.2.0.rc2)
      actionpack (= 4.2.0.rc2)
      actionview (= 4.2.0.rc2)
      activejob (= 4.2.0.rc2)
      activemodel (= 4.2.0.rc2)
      activerecord (= 4.2.0.rc2)
      activesupport (= 4.2.0.rc2)
      bundler (>= 1.3.0, < 2.0)
      railties (= 4.2.0.rc2)
      sprockets-rails
    rails-deprecated_sanitizer (1.0.3)
      activesupport (>= 4.2.0.alpha)
    rails-dom-testing (1.0.5)
      activesupport (>= 4.2.0.beta, < 5.0)
      nokogiri (~> 1.6.0)
      rails-deprecated_sanitizer (>= 1.0.1)
    rails-html-sanitizer (1.0.1)
      loofah (~> 2.0)
    rails_12factor (0.0.3)
      rails_serve_static_assets
      rails_stdout_logging
    rails_serve_static_assets (0.0.4)
    rails_stdout_logging (0.0.3)
    railties (4.2.0.rc2)
      actionpack (= 4.2.0.rc2)
      activesupport (= 4.2.0.rc2)
      rake (>= 0.8.7)
      thor (>= 0.18.1, < 2.0)
    rake (10.4.2)
    rdoc (4.2.0)
      json (~> 1.4)
    responders (2.0.2)
      railties (>= 4.2.0.alpha, < 5)
    rest-client (1.8.0)
      http-cookie (>= 1.0.2, < 2.0)
      mime-types (>= 1.16, < 3.0)
      netrc (~> 0.7)
    sass (3.2.19)
    sass-rails (4.0.5)
      railties (>= 4.0.0, < 5.0)
      sass (~> 3.2.2)
      sprockets (~> 2.8, < 3.0)
      sprockets-rails (~> 2.0)
    sdoc (0.4.1)
      json (~> 1.7, >= 1.7.7)
      rdoc (~> 4.0)
    slop (3.6.0)
    spring (1.2.0)
    sprockets (2.12.3)
      hike (~> 1.2)
      multi_json (~> 1.0)
      rack (~> 1.0)
      tilt (~> 1.1, != 1.3.0)
    sprockets-rails (2.2.2)
      actionpack (>= 3.0)
      activesupport (>= 3.0)
      sprockets (>= 2.8, < 4.0)
    thor (0.19.1)
    thread_safe (0.3.4)
    tilt (1.4.1)
    turbolinks (2.5.3)
      coffee-rails
    tzinfo (1.2.2)
      thread_safe (~> 0.1)
    uglifier (2.7.0)
      execjs (>= 0.3.0)
      json (>= 1.8.0)
    unf (0.1.4)
      unf_ext
    unf_ext (0.0.7.1)
    warden (1.2.3)
      rack (>= 1.0)
    web-console (2.0.0)
      activemodel (~> 4.0)
      binding_of_caller (>= 0.7.2)
      railties (~> 4.0)
      sprockets-rails (>= 2.0, < 4.0)
    will_paginate (3.0.7)
    will_paginate-bootstrap (1.0.1)
      will_paginate (>= 3.0.3)

PLATFORMS
  ruby

DEPENDENCIES
  angularjs-rails (~> 1.3.14)
  bootstrap-sass
  cancan
  coffee-rails (~> 4.1.0)
  devise
  faker
  httparty
  jbuilder (~> 2.0)
  jquery-rails
  paperclip (~> 4.3)
  paperclip-dropbox (>= 1.1.7)
  pg
  populator
  pry
  rails (= 4.2.0.rc2)
  rails_12factor
  responders
  rest-client
  sass-rails (~> 4.0)
  sdoc (~> 0.4.0)
  spring
  turbolinks
  uglifier (>= 1.3.0)
  web-console (~> 2.0)
  will_paginate
  will_paginate-bootstrap
